GEM
  remote: https://rubygems.org/
  specs:
    activesupport (5.1.4)
      concurrent-ruby (~> 1.0, >= 1.0.2)
      i18n (~> 0.7)
      minitest (~> 5.1)
      tzinfo (~> 1.1)
    bson (4.2.2)
    bson_ext (1.5.1)
    business_time (0.9.3)
      activesupport (>= 3.2.0)
      tzinfo
    coderay (1.1.2)
    colored (1.2)
    concurrent-ruby (1.0.5)
    daemons (1.2.6)
    dotenv (2.2.1)
    et-orbi (1.0.8)
      tzinfo
    eventmachine (1.2.5)
    gibberish (2.1.0)
    handlebars (0.8.0)
      handlebars-source (~> 4.0.5)
      therubyracer (~> 0.12.1)
    handlebars-source (4.0.11)
    i18n (0.9.1)
      concurrent-ruby (~> 1.0)
    libv8 (3.16.14.19)
    method_source (0.9.0)
    minitest (5.11.1)
    mongo (2.4.3)
      bson (>= 4.2.1, < 5.0.0)
    mustermann (1.0.1)
    pry (0.11.3)
      coderay (~> 1.1.0)
      method_source (~> 0.9.0)
    rack (2.0.3)
    rack-protection (2.0.0)
      rack
    ref (2.0.0)
    rufus-scheduler (3.4.2)
      et-orbi (~> 1.0)
    sinatra (2.0.0)
      mustermann (~> 1.0)
      rack (~> 2.0)
      rack-protection (= 2.0.0)
      tilt (~> 2.0)
    sucker_punch (2.0.4)
      concurrent-ruby (~> 1.0.0)
    therubyracer (0.12.3)
      libv8 (~> 3.16.14.15)
      ref
    thin (1.7.2)
      daemons (~> 1.0, >= 1.0.9)
      eventmachine (~> 1.0, >= 1.0.4)
      rack (>= 1, < 3)
    thread_safe (0.3.6)
    tilt (2.0.8)
    tzinfo (1.2.4)
      thread_safe (~> 0.1)

PLATFORMS
  ruby

DEPENDENCIES
  bson_ext
  business_time
  colored
  dotenv
  gibberish
  handlebars
  mongo
  pry
  rufus-scheduler
  sinatra
  sucker_punch
  thin

BUNDLED WITH
   1.16.1
